PATH
  remote: .
  specs:
    git-hookshot (0.1.0)

GEM
  remote: https://rubygems.org/
  specs:
    ansi (1.5.0)
    builder (3.2.3)
    fakefs (0.11.0)
    minitest (5.10.3)
    minitest-reporters (1.1.14)
      ansi
      builder
      minitest (>= 5.0)
      ruby-progressbar
    rake (12.0.0)
    ruby-progressbar (1.8.1)

PLATFORMS
  ruby

DEPENDENCIES
  bundler (~> 1.13)
  fakefs (~> 0.11.0)
  git-hookshot!
  minitest (~> 5.10.3)
  minitest-reporters (~> 1.1.14)
  rake (~> 12.0.0)

BUNDLED WITH
   1.15.3
